GEM
  remote: https://rubygems.org/
  specs:
    slop (4.6.2)

PLATFORMS
  ruby

DEPENDENCIES
  slop

BUNDLED WITH
   1.16.1
